GEM
  remote: https://rubygems.org/
  specs:
    addressable (2.7.0)
      public_suffix (>= 2.0.2, < 5.0)
    colorize (0.8.1)
    ethon (0.12.0)
      ffi (>= 1.3.0)
    ffi (1.12.2)
    html-proofer (3.15.1)
      addressable (~> 2.3)
      mercenary (~> 0.3)
      nokogumbo (~> 2.0)
      parallel (~> 1.3)
      rainbow (~> 3.0)
      typhoeus (~> 1.3)
      yell (~> 2.0)
    html-proofer-mailto_awesome (1.0.3)
      html-proofer (~> 3.0, >= 3.15.0)
    json (2.3.0)
    json-schema (2.8.1)
      addressable (>= 2.4)
    lightning_sites (1.4.13)
      colorize (>= 0.8)
      html-proofer (>= 3.15.1)
      html-proofer-mailto_awesome (>= 1.0.1)
      nokogiri (>= 1.10.1)
      rake (>= 12.3.1)
      w3c_validators (>= 1.3.4)
      web-puc (>= 0.3.1)
    mercenary (0.4.0)
    mini_portile2 (2.5.1)
    nokogiri (1.11.4)
      mini_portile2 (~> 2.5.0)
      racc (~> 1.4)
    nokogumbo (2.0.2)
      nokogiri (~> 1.8, >= 1.8.4)
    parallel (1.19.1)
    public_suffix (4.0.3)
    racc (1.5.2)
    rainbow (3.0.0)
    rake (12.3.3)
    safe-enum (0.3.0)
    structured-acceptance-test (0.0.6)
      colorize (~> 0.8, >= 0.8.1)
      json-schema (~> 2.8, >= 2.8.0)
      safe-enum (~> 0.3, >= 0.3.0)
    typhoeus (1.3.1)
      ethon (>= 0.9.0)
    w3c_validators (1.3.5)
      json (>= 1.8)
      nokogiri (~> 1.6)
    web-puc (0.4.0)
      rake (~> 12)
      structured-acceptance-test (~> 0.0.6)
    yell (2.2.2)

PLATFORMS
  ruby

DEPENDENCIES
  lightning_sites (>= 1.4.9)

BUNDLED WITH
   2.1.4
