GEM
  remote: https://rubygems.org/
  specs:
    activesupport (5.2.0)
      concurrent-ruby (~> 1.0, >= 1.0.2)
      i18n (>= 0.7, < 2)
      minitest (~> 5.1)
      tzinfo (~> 1.1)
    addressable (2.5.2)
      public_suffix (>= 2.0.2, < 4.0)
    colorize (0.8.1)
    concurrent-ruby (1.0.5)
    ethon (0.11.0)
      ffi (>= 1.3.0)
    ffi (1.9.25)
    html-proofer (3.9.2)
      activesupport (>= 4.2, < 6.0)
      addressable (~> 2.3)
      colorize (~> 0.8)
      mercenary (~> 0.3.2)
      nokogiri (~> 1.8.1)
      parallel (~> 1.3)
      typhoeus (~> 1.3)
      yell (~> 2.0)
    html-proofer-mailto_awesome (0.1.3)
      html-proofer (~> 3.0, >= 3.0.0)
      rake (~> 12.0, >= 12.0.0)
    i18n (1.0.1)
      concurrent-ruby (~> 1.0)
    json (2.1.0)
    json-schema (2.8.0)
      addressable (>= 2.4)
    lightning_sites (1.3.5)
      colorize (~> 0.8)
      html-proofer (>= 3.7.4)
      html-proofer-mailto_awesome (~> 0.1.2)
      nokogiri (>= 1.8.2)
      rake (>= 12.0.0)
      w3c_validators (>= 1.3.2)
      web-puc (~> 0.3.1)
    mercenary (0.3.6)
    mini_portile2 (2.3.0)
    minitest (5.11.3)
    nokogiri (1.8.4)
      mini_portile2 (~> 2.3.0)
    parallel (1.12.1)
    public_suffix (3.0.2)
    rake (12.3.1)
    safe-enum (0.3.0)
    structured-acceptance-test (0.0.6)
      colorize (~> 0.8, >= 0.8.1)
      json-schema (~> 2.8, >= 2.8.0)
      safe-enum (~> 0.3, >= 0.3.0)
    thread_safe (0.3.6)
    typhoeus (1.3.0)
      ethon (>= 0.9.0)
    tzinfo (1.2.5)
      thread_safe (~> 0.1)
    w3c_validators (1.3.3)
      json (>= 1.8)
      nokogiri (~> 1.6)
    web-puc (0.3.1)
      rake (~> 12)
      structured-acceptance-test (~> 0.0.6)
    yell (2.0.7)

PLATFORMS
  ruby

DEPENDENCIES
  lightning_sites (>= 1.3.5)

BUNDLED WITH
   1.16.2
